GIT
  remote: git://github.com/condor/versatile_rjs.git
  revision: 51f35329d9a370280e896444ee4e11c5d166ffcf
  specs:
    versatile_rjs (0.1.2)
      rails (>= 3.1.0)

GIT
  remote: git://github.com/niklas/kopflos.git
  revision: f4f3e3872922249942c0b8d2ad13ebdfc8d5ed21
  specs:
    kopflos (0.0.1)
      open4

GIT
  remote: git://github.com/niklas/rubytorrent-allspice.git
  revision: d7122d404659a7558af2f6e60f87f65f74c53d9e
  specs:
    rubytorrent-allspice (0.3.6)

GIT
  remote: git://github.com/v0n/notes.git
  revision: 5f2d86b7cf0b4f430c283f8d246af19a5641821d
  specs:
    notes (0.1.0.pre)
      paint (>= 0.8.4)

GEM
  remote: http://rubygems.org/
  specs:
    actionmailer (3.2.2)
      actionpack (= 3.2.2)
      mail (~> 2.4.0)
    actionpack (3.2.2)
      activemodel (= 3.2.2)
      activesupport (= 3.2.2)
      builder (~> 3.0.0)
      erubis (~> 2.7.0)
      journey (~> 1.0.1)
      rack (~> 1.4.0)
      rack-cache (~> 1.1)
      rack-test (~> 0.6.1)
      sprockets (~> 2.1.2)
    active_attr (0.5.0.alpha2)
      activemodel (>= 3.1, < 4.1)
      activesupport (>= 3.1, < 4.1)
    activemodel (3.2.2)
      activesupport (= 3.2.2)
      builder (~> 3.0.0)
    activerecord (3.2.2)
      activemodel (= 3.2.2)
      activesupport (= 3.2.2)
      arel (~> 3.0.2)
      tzinfo (~> 0.3.29)
    activeresource (3.2.2)
      activemodel (= 3.2.2)
      activesupport (= 3.2.2)
    activesupport (3.2.2)
      i18n (~> 0.6)
      multi_json (~> 1.0)
    acts_as_list (0.1.5)
    addressable (2.2.6)
    ancestry (1.2.4)
      activerecord (>= 2.2.2)
    arel (3.0.2)
    bcrypt-ruby (3.0.1)
    binding_of_caller (0.6.2)
    blankslate (2.1.2.4)
    bootstrap-sass (2.0.2)
    builder (3.0.0)
    cancan (1.6.7)
    capistrano (2.11.2)
      highline
      net-scp (>= 1.0.0)
      net-sftp (>= 2.0.0)
      net-ssh (>= 2.0.14)
      net-ssh-gateway (>= 1.1.0)
    capybara (1.1.2)
      mime-types (>= 1.16)
      nokogiri (>= 1.3.3)
      rack (>= 1.0.0)
      rack-test (>= 0.5.4)
      selenium-webdriver (~> 2.0)
      xpath (~> 0.1.4)
    carrierwave (0.6.2)
      activemodel (>= 3.2.0)
      activesupport (>= 3.2.0)
    childprocess (0.3.1)
      ffi (~> 1.0.6)
    chronic (0.6.7)
    chunky_png (1.2.5)
    coderay (1.0.5)
    coffee-rails (3.2.2)
      coffee-script (>= 2.2.0)
      railties (~> 3.2.0)
    coffee-script (2.2.0)
      coffee-script-source
      execjs
    coffee-script-source (1.2.0)
    compass (0.12.rc.1)
      chunky_png (~> 1.2)
      fssm (>= 0.2.7)
      sass (~> 3.1)
    compass-rails (1.0.0.rc.3)
      compass (~> 0.12.rc.0)
    cucumber (1.1.9)
      builder (>= 2.1.2)
      diff-lcs (>= 1.1.2)
      gherkin (~> 2.9.0)
      json (>= 1.4.6)
      term-ansicolor (>= 1.0.6)
    cucumber-rails (1.2.1)
      capybara (>= 1.1.2)
      cucumber (>= 1.1.3)
      nokogiri (>= 1.5.0)
    database_cleaner (0.7.1)
    devise (2.0.4)
      bcrypt-ruby (~> 3.0)
      orm_adapter (~> 0.0.3)
      railties (~> 3.1)
      warden (~> 1.1.1)
    diff-lcs (1.1.3)
    diff_matcher (2.2.0)
    draper (0.10.0)
      activesupport (>= 2.3.10)
    email_spec (1.2.1)
      mail (~> 2.2)
      rspec (~> 2.0)
    erubis (2.7.0)
    execjs (1.3.0)
      multi_json (~> 1.0)
    factory_girl (2.6.0)
      activesupport (>= 2.3.9)
    factory_girl_rails (1.7.0)
      factory_girl (~> 2.6.0)
      railties (>= 3.0.0)
    fakefs (0.4.0)
    ffi (1.0.11)
    foreman (0.40.0)
      term-ansicolor (~> 1.0.7)
      thor (>= 0.13.6)
    fssm (0.2.8.1)
    gherkin (2.9.0)
      json (>= 1.4.6)
    guard (1.0.0)
      ffi (>= 0.5.0)
      thor (~> 0.14.6)
    guard-bundler (0.1.3)
      bundler (>= 1.0.0)
      guard (>= 0.2.2)
    guard-cucumber (0.7.5)
      cucumber (>= 0.10)
      guard (>= 0.8.3)
    guard-rspec (0.6.0)
      guard (>= 0.10.0)
    guard-spork (0.5.2)
      guard (>= 0.10.0)
      spork (>= 0.8.4)
    haml (3.1.4)
    haml-rails (0.3.4)
      actionpack (~> 3.0)
      activesupport (~> 3.0)
      haml (~> 3.0)
      railties (~> 3.0)
    has_scope (0.5.1)
    highline (1.6.11)
    hike (1.2.1)
    i18n (0.6.0)
    inherited_resources (1.3.0)
      has_scope (~> 0.5.0)
      responders (~> 0.6.0)
    jbuilder (0.4.0)
      activesupport (>= 3.0.0)
      blankslate (>= 2.1.2.4)
    journey (1.0.3)
    jquery-rails (2.0.0)
      railties (>= 3.2.0.beta, < 5.0)
      thor (~> 0.14)
    jquery-ui-rails (0.2.1)
      jquery-rails
      railties (>= 3.1.0)
    json (1.6.5)
    kaminari (0.13.0)
      actionpack (>= 3.0.0)
      activesupport (>= 3.0.0)
      railties (>= 3.0.0)
    launchy (2.0.5)
      addressable (~> 2.2.6)
    levenshtein (0.2.2)
    libnotify (0.7.2)
    libv8 (3.3.10.4)
    mail (2.4.1)
      i18n (>= 0.4.0)
      mime-types (~> 1.16)
      treetop (~> 1.4.8)
    method_source (0.7.0)
    mime-types (1.17.2)
    multi_json (1.0.4)
    net-scp (1.0.4)
      net-ssh (>= 1.99.1)
    net-sftp (2.0.5)
      net-ssh (>= 2.0.9)
    net-ssh (2.3.0)
    net-ssh-gateway (1.1.0)
      net-ssh (>= 1.99.1)
    nokogiri (1.5.0)
    open4 (1.3.0)
    orm_adapter (0.0.6)
    paint (0.8.4)
    pg (0.13.2)
    pickle (0.4.10)
      cucumber (>= 0.8)
      rake
    polyglot (0.3.3)
    pry (0.9.8.2)
      coderay (~> 1.0.5)
      method_source (~> 0.7)
      slop (>= 2.4.4, < 3)
    pry-nav (0.1.0)
      pry (~> 0.9.8.1)
    pry-stack_explorer (0.4.0)
      binding_of_caller (~> 0.6.2)
      pry (~> 0.9.8.2)
    rack (1.4.1)
    rack-cache (1.1)
      rack (>= 0.4)
    rack-ssl (1.3.2)
      rack
    rack-test (0.6.1)
      rack (>= 1.0)
    rails (3.2.2)
      actionmailer (= 3.2.2)
      actionpack (= 3.2.2)
      activerecord (= 3.2.2)
      activeresource (= 3.2.2)
      activesupport (= 3.2.2)
      bundler (~> 1.0)
      railties (= 3.2.2)
    railties (3.2.2)
      actionpack (= 3.2.2)
      activesupport (= 3.2.2)
      rack-ssl (~> 1.3.2)
      rake (>= 0.8.7)
      rdoc (~> 3.4)
      thor (~> 0.14.6)
    rake (0.9.2.2)
    rb-inotify (0.8.8)
      ffi (>= 0.5.0)
    rdoc (3.12)
      json (~> 1.4)
    responders (0.6.5)
    rspec (2.8.0)
      rspec-core (~> 2.8.0)
      rspec-expectations (~> 2.8.0)
      rspec-mocks (~> 2.8.0)
    rspec-core (2.8.0)
    rspec-expectations (2.8.0)
      diff-lcs (~> 1.1.2)
    rspec-mocks (2.8.0)
    rspec-rails (2.8.1)
      actionpack (>= 3.0)
      activesupport (>= 3.0)
      railties (>= 3.0)
      rspec (~> 2.8.0)
    rubyzip (0.9.6.1)
    rvm-capistrano (1.1.0)
      capistrano (>= 2.0.0)
    sass (3.1.15)
    sass-rails (3.2.4)
      railties (~> 3.2.0)
      sass (>= 3.1.10)
      tilt (~> 1.3)
    scgi (0.9.1)
    selenium-webdriver (2.19.0)
      childprocess (>= 0.2.5)
      ffi (~> 1.0.9)
      multi_json (~> 1.0.4)
      rubyzip
    simple_form (2.0.0)
      actionpack (~> 3.0)
      activemodel (~> 3.0)
    simplecov (0.6.1)
      multi_json (~> 1.0)
      simplecov-html (~> 0.5.3)
    simplecov-html (0.5.3)
    slop (2.4.4)
    spork (1.0.0rc2)
    sprockets (2.1.2)
      hike (~> 1.2)
      rack (~> 1.0)
      tilt (~> 1.1, != 1.3.0)
    term-ansicolor (1.0.7)
    therubyracer (0.9.9)
      libv8 (~> 3.3.10)
    thor (0.14.6)
    tilt (1.3.3)
    timecop (0.3.5)
    treetop (1.4.10)
      polyglot
      polyglot (>= 0.3.1)
    tzinfo (0.3.31)
    uglifier (1.2.3)
      execjs (>= 0.3.0)
      multi_json (>= 1.0.2)
    warden (1.1.1)
      rack (>= 1.0)
    whenever (0.7.3)
      activesupport (>= 2.3.4)
      chronic (~> 0.6.3)
    xmlrpcs (0.1.3)
    xpath (0.1.4)
      nokogiri (~> 1.3)

PLATFORMS
  ruby

DEPENDENCIES
  active_attr (~> 0.5.0.alpha2)
  acts_as_list
  ancestry
  bootstrap-sass (~> 2.0.2)
  cancan
  capistrano
  carrierwave
  coffee-rails (~> 3.2.2)
  compass-rails
  cucumber-rails (~> 1.2.1)
  database_cleaner
  devise
  diff_matcher
  draper
  email_spec
  factory_girl_rails
  fakefs
  foreman
  guard-bundler (~> 0.1.3)
  guard-cucumber (~> 0.7.5)
  guard-rspec (~> 0.6.0)
  guard-spork (~> 0.5.2)
  haml-rails
  inherited_resources
  jbuilder
  jquery-rails
  jquery-ui-rails
  kaminari
  kopflos!
  launchy
  levenshtein
  libnotify
  nokogiri
  notes!
  pg
  pickle
  pry
  pry-nav
  pry-stack_explorer
  rails (= 3.2.2)
  rake
  rb-inotify
  rspec-rails (~> 2.8.1)
  rubytorrent-allspice!
  rvm-capistrano
  sass-rails (~> 3.2.4)
  scgi
  selenium-webdriver (~> 2.19.0)
  simple_form (~> 2.0.0)
  simplecov
  spork (= 1.0.0rc2)
  therubyracer
  timecop
  uglifier (>= 1.2.3)
  versatile_rjs!
  whenever
  xmlrpcs
