GIT
  remote: /home/niklas/src/poltergeist
  revision: c7daae9f2816fd330d2a3af7ada2203fc26043f8
  ref: better-inspector-detection
  specs:
    poltergeist (0.7.0)
      capybara (~> 1.1)
      childprocess (~> 0.3)
      faye-websocket (~> 0.4, >= 0.4.4)
      http_parser.rb (~> 0.5.3)
      multi_json (~> 1.0)

GIT
  remote: git://github.com/condor/versatile_rjs.git
  revision: 51f35329d9a370280e896444ee4e11c5d166ffcf
  branch: 51f35329d9a370280e896444ee4e11c5d166ffcf
  specs:
    versatile_rjs (0.1.2)
      rails (>= 3.1.0)

GIT
  remote: git://github.com/emberjs/ember-rails.git
  revision: 359221e49057fe7379c4ad59a303166ca6b2aff5
  ref: 359221e49057fe737
  specs:
    ember-rails (0.9.2)
      active_model_serializers
      barber
      execjs (>= 1.2)
      railties (>= 3.1)

GIT
  remote: git://github.com/niklas/ember-rails-flash.git
  revision: a6e7f4c123cec054908b9e7004ce3965e856a195
  specs:
    ember-rails-flash (0.0.1)
      coffee-script
      rails (~> 3.2.0)

GIT
  remote: git://github.com/niklas/kopflos.git
  revision: 81edd0fb01be9855f3062331b595d572ef8dd0cd
  specs:
    kopflos (0.0.1)
      open4

GIT
  remote: git://github.com/niklas/rubytorrent-allspice.git
  revision: d7122d404659a7558af2f6e60f87f65f74c53d9e
  specs:
    rubytorrent-allspice (0.3.6)

GIT
  remote: git://github.com/rails-api/active_model_serializers.git
  revision: 3e9b366a4531e6795b73b41e732f9db849874903
  specs:
    active_model_serializers (0.5.2)
      activemodel (>= 3.0)

GIT
  remote: git://github.com/v0n/notes.git
  revision: dda727917bca418623680b9e566961c831642198
  specs:
    notes (0.1.1)
      paint (>= 0.8.4)

GEM
  remote: http://rubygems.org/
  specs:
    actionmailer (3.2.12)
      actionpack (= 3.2.12)
      mail (~> 2.4.4)
    actionpack (3.2.12)
      activemodel (= 3.2.12)
      activesupport (= 3.2.12)
      builder (~> 3.0.0)
      erubis (~> 2.7.0)
      journey (~> 1.0.4)
      rack (~> 1.4.5)
      rack-cache (~> 1.2)
      rack-test (~> 0.6.1)
      sprockets (~> 2.2.1)
    active_attr (0.5.1)
      activemodel (>= 3.0.2, < 4.1)
      activesupport (>= 3.0.2, < 4.1)
    activemodel (3.2.12)
      activesupport (= 3.2.12)
      builder (~> 3.0.0)
    activerecord (3.2.12)
      activemodel (= 3.2.12)
      activesupport (= 3.2.12)
      arel (~> 3.0.2)
      tzinfo (~> 0.3.29)
    activeresource (3.2.12)
      activemodel (= 3.2.12)
      activesupport (= 3.2.12)
    activesupport (3.2.12)
      i18n (~> 0.6)
      multi_json (~> 1.0)
    acts_as_list (0.1.6)
    addressable (2.2.8)
    ancestry (1.3.0)
      activerecord (>= 2.3.14)
    arel (3.0.2)
    barber (0.3.0)
      execjs
    bcrypt-ruby (3.0.1)
    binding_of_caller (0.6.7)
    bootstrap-sass (2.0.4.0)
    bootswatch-rails (0.0.12)
      railties (>= 3.1)
    builder (3.0.4)
    cancan (1.6.8)
    capistrano (2.12.0)
      highline
      net-scp (>= 1.0.0)
      net-sftp (>= 2.0.0)
      net-ssh (>= 2.0.14)
      net-ssh-gateway (>= 1.1.0)
    capybara (1.1.2)
      mime-types (>= 1.16)
      nokogiri (>= 1.3.3)
      rack (>= 1.0.0)
      rack-test (>= 0.5.4)
      selenium-webdriver (~> 2.0)
      xpath (~> 0.1.4)
    carrierwave (0.6.2)
      activemodel (>= 3.2.0)
      activesupport (>= 3.2.0)
    childprocess (0.3.3)
      ffi (~> 1.0.6)
    chromedriver-helper (0.0.3)
      nokogiri
    chronic (0.6.7)
    chunky_png (1.2.5)
    coderay (1.0.9)
    coffee-rails (3.2.2)
      coffee-script (>= 2.2.0)
      railties (~> 3.2.0)
    coffee-script (2.2.0)
      coffee-script-source
      execjs
    coffee-script-source (1.3.3)
    compass (0.12.2)
      chunky_png (~> 1.2)
      fssm (>= 0.2.7)
      sass (~> 3.1)
    compass-rails (1.0.3)
      compass (>= 0.12.2, < 0.14)
    crack (0.3.1)
    cucumber (1.2.1)
      builder (>= 2.1.2)
      diff-lcs (>= 1.1.3)
      gherkin (~> 2.11.0)
      json (>= 1.4.6)
    cucumber-rails (1.2.1)
      capybara (>= 1.1.2)
      cucumber (>= 1.1.3)
      nokogiri (>= 1.5.0)
    dalli (2.1.0)
    database_cleaner (0.8.0)
    devise (2.0.4)
      bcrypt-ruby (~> 3.0)
      orm_adapter (~> 0.0.3)
      railties (~> 3.1)
      warden (~> 1.1.1)
    diff-lcs (1.1.3)
    diff_matcher (2.2.3)
    draper (0.15.0)
      actionpack (~> 3.2)
      activesupport (~> 3.2)
    email_spec (1.2.1)
      mail (~> 2.2)
      rspec (~> 2.0)
    erubis (2.7.0)
    eventmachine (1.0.0)
    execjs (1.4.0)
      multi_json (~> 1.0)
    factory_girl (3.5.0)
      activesupport (>= 3.0.0)
    factory_girl_rails (3.5.0)
      factory_girl (~> 3.5.0)
      railties (>= 3.0.0)
    fakefs (0.4.0)
    faye-websocket (0.4.6)
      eventmachine (>= 0.12.0)
    feed-abstract (0.0.12)
    ffi (1.0.11)
    foreman (0.53.0)
      thor (>= 0.13.6)
    fssm (0.2.9)
    gherkin (2.11.1)
      json (>= 1.4.6)
    guard (1.2.3)
      listen (>= 0.4.2)
      thor (>= 0.14.6)
    guard-bundler (0.1.3)
      bundler (>= 1.0.0)
      guard (>= 0.2.2)
    guard-cucumber (0.8.0)
      cucumber (>= 1.2.0)
      guard (>= 0.8.3)
    guard-jasmine (1.8.1)
      childprocess
      guard (>= 1.1.0)
      multi_json
      thor
    guard-rspec (0.6.0)
      guard (>= 0.10.0)
    guard-spork (0.5.2)
      guard (>= 0.10.0)
      spork (>= 0.8.4)
    haml (3.1.6)
    haml-rails (0.3.4)
      actionpack (~> 3.0)
      activesupport (~> 3.0)
      haml (~> 3.0)
      railties (~> 3.0)
    has_scope (0.5.1)
    highline (1.6.13)
    hike (1.2.1)
    http_parser.rb (0.5.3)
    i18n (0.6.1)
    inherited_resources (1.3.1)
      has_scope (~> 0.5.0)
      responders (~> 0.6)
    jasminerice (0.0.9)
      coffee-rails
      haml
    journey (1.0.4)
    jquery-rails (2.2.1)
      railties (>= 3.0, < 5.0)
      thor (>= 0.14, < 2.0)
    jquery-ui-rails (1.0.0)
      jquery-rails
      railties (>= 3.1.0)
    json (1.7.7)
    kaminari (0.13.0)
      actionpack (>= 3.0.0)
      activesupport (>= 3.0.0)
      railties (>= 3.0.0)
    launchy (2.1.0)
      addressable (~> 2.2.6)
    levenshtein (0.2.2)
    libnotify (0.7.4)
      ffi (~> 1.0.11)
    libv8 (3.3.10.4)
    libwebsocket (0.1.4)
      addressable
    listen (0.4.7)
      rb-fchange (~> 0.0.5)
      rb-fsevent (~> 0.9.1)
      rb-inotify (~> 0.8.8)
    mail (2.4.4)
      i18n (>= 0.4.0)
      mime-types (~> 1.16)
      treetop (~> 1.4.8)
    method_source (0.8.1)
    mime-types (1.21)
    multi_json (1.6.1)
    net-scp (1.0.4)
      net-ssh (>= 1.99.1)
    net-sftp (2.0.5)
      net-ssh (>= 2.0.9)
    net-ssh (2.5.2)
    net-ssh-gateway (1.1.0)
      net-ssh (>= 1.99.1)
    nokogiri (1.5.5)
    open4 (1.3.0)
    orm_adapter (0.0.7)
    paint (0.8.5)
    pg (0.14.0)
    pickle (0.4.11)
      cucumber (>= 0.8)
      rake
    polyglot (0.3.3)
    pry (0.9.12)
      coderay (~> 1.0.5)
      method_source (~> 0.8)
      slop (~> 3.4)
    pry-doc (0.4.4)
      pry (>= 0.9.9.6)
      yard (~> 0.8.1)
    pry-nav (0.2.2)
      pry (~> 0.9.10)
    pry-stack_explorer (0.4.5)
      binding_of_caller (~> 0.6.2)
    rack (1.4.5)
    rack-cache (1.2)
      rack (>= 0.4)
    rack-ssl (1.3.3)
      rack
    rack-test (0.6.2)
      rack (>= 1.0)
    rails (3.2.12)
      actionmailer (= 3.2.12)
      actionpack (= 3.2.12)
      activerecord (= 3.2.12)
      activeresource (= 3.2.12)
      activesupport (= 3.2.12)
      bundler (~> 1.0)
      railties (= 3.2.12)
    railties (3.2.12)
      actionpack (= 3.2.12)
      activesupport (= 3.2.12)
      rack-ssl (~> 1.3.2)
      rake (>= 0.8.7)
      rdoc (~> 3.4)
      thor (>= 0.14.6, < 2.0)
    rake (10.0.3)
    rb-fchange (0.0.5)
      ffi
    rb-fsevent (0.9.1)
    rb-inotify (0.8.8)
      ffi (>= 0.5.0)
    rdoc (3.12.1)
      json (~> 1.4)
    responders (0.9.1)
      railties (~> 3.1)
    rspec (2.8.0)
      rspec-core (~> 2.8.0)
      rspec-expectations (~> 2.8.0)
      rspec-mocks (~> 2.8.0)
    rspec-core (2.8.0)
    rspec-expectations (2.8.0)
      diff-lcs (~> 1.1.2)
    rspec-mocks (2.8.0)
    rspec-rails (2.8.1)
      actionpack (>= 3.0)
      activesupport (>= 3.0)
      railties (>= 3.0)
      rspec (~> 2.8.0)
    rubyzip (0.9.9)
    rvm-capistrano (1.2.3)
      capistrano (>= 2.0.0)
    sass (3.1.20)
    sass-rails (3.2.5)
      railties (~> 3.2.0)
      sass (>= 3.1.10)
      tilt (~> 1.3)
    scgi (0.9.1)
    selenium-webdriver (2.21.2)
      childprocess (>= 0.2.5)
      ffi (~> 1.0)
      libwebsocket (~> 0.1.3)
      multi_json (~> 1.0)
      rubyzip
    simple_form (2.0.2)
      actionpack (~> 3.0)
      activemodel (~> 3.0)
    simplecov (0.6.4)
      multi_json (~> 1.0)
      simplecov-html (~> 0.5.3)
    simplecov-html (0.5.3)
    slop (3.4.3)
    spork (1.0.0rc2)
    sprockets (2.2.2)
      hike (~> 1.2)
      multi_json (~> 1.0)
      rack (~> 1.0)
      tilt (~> 1.1, != 1.3.0)
    term-ansicolor (1.0.7)
    therubyracer (0.10.1)
      libv8 (~> 3.3.10)
    thor (0.17.0)
    tilt (1.3.3)
    timecop (0.3.5)
    treetop (1.4.12)
      polyglot
      polyglot (>= 0.3.1)
    tzinfo (0.3.35)
    uglifier (1.2.6)
      execjs (>= 0.3.0)
      multi_json (~> 1.3)
    warden (1.1.1)
      rack (>= 1.0)
    webmock (1.8.7)
      addressable (>= 2.2.7)
      crack (>= 0.1.7)
    whenever (0.7.3)
      activesupport (>= 2.3.4)
      chronic (~> 0.6.3)
    xmlrpcs (0.1.3)
    xpath (0.1.4)
      nokogiri (~> 1.3)
    yard (0.8.2.1)

PLATFORMS
  ruby

DEPENDENCIES
  active_attr (~> 0.5.0.alpha2)
  active_model_serializers!
  acts_as_list
  ancestry
  bootstrap-sass (~> 2.0.4)
  bootswatch-rails
  cancan
  capistrano
  carrierwave
  chromedriver-helper
  coffee-rails (~> 3.2.2)
  compass-rails
  cucumber-rails (~> 1.2.1)
  dalli
  database_cleaner
  devise (~> 2.0.4)
  diff_matcher
  draper
  email_spec
  ember-rails!
  ember-rails-flash!
  factory_girl_rails
  fakefs
  feed-abstract
  foreman
  guard-bundler (~> 0.1.3)
  guard-cucumber (~> 0.8.0)
  guard-jasmine
  guard-rspec (~> 0.6.0)
  guard-spork (~> 0.5.2)
  haml-rails
  inherited_resources
  jasminerice
  jquery-rails
  jquery-ui-rails
  kaminari
  kopflos!
  launchy
  levenshtein
  libnotify
  nokogiri
  notes!
  pg
  pickle
  poltergeist!
  pry
  pry-doc
  pry-nav
  pry-stack_explorer
  rails (= 3.2.12)
  rake
  rb-inotify
  rspec-rails (~> 2.8.1)
  rubytorrent-allspice!
  rvm-capistrano
  sass-rails (~> 3.2.4)
  scgi
  selenium-webdriver (~> 2.21.2)
  simple_form (~> 2.0.0)
  simplecov
  spork (= 1.0.0rc2)
  term-ansicolor
  therubyracer
  timecop
  uglifier (>= 1.2.3)
  versatile_rjs!
  webmock
  whenever
  xmlrpcs
